GIT
  remote: git://github.com/cog-bundles/cog-rb.git
  revision: 8213c9fe11d4c0b4274277d7a52018c2f601beb1
  specs:
    cog-rb (0.1.5)

GEM
  remote: https://rubygems.org/
  specs:
    activesupport (4.2.6)
      i18n (~> 0.7)
      json (~> 1.7, >= 1.7.7)
      minitest (~> 5.1)
      thread_safe (~> 0.3, >= 0.3.4)
      tzinfo (~> 1.1)
    faraday (0.9.2)
      multipart-post (>= 1.2, < 3)
    faraday_middleware (0.9.2)
      faraday (>= 0.7.4, < 0.10)
    hashie (2.1.2)
    i18n (0.7.0)
    json (1.8.3)
    minitest (5.9.0)
    multipart-post (2.0.0)
    pager_duty-connection (0.2.0)
      activesupport (>= 3.2, < 5.0)
      faraday (~> 0.8, < 0.10)
      faraday_middleware (~> 0.9.0)
      hashie (>= 1.2, < 2.2)
    pagerduty (2.1.0)
      json (>= 1.7.7)
    thread_safe (0.3.5)
    tzinfo (1.2.2)
      thread_safe (~> 0.1)

PLATFORMS
  ruby

DEPENDENCIES
  cog-rb!
  pager_duty-connection
  pagerduty

BUNDLED WITH
   1.12.5
